GEM
  remote: https://rubygems.org/
  specs:
    debug (1.9.2)
      irb (~> 1.10)
      reline (>= 0.3.8)
    discordrb (3.5.0)
      discordrb-webhooks (~> 3.5.0)
      ffi (>= 1.9.24)
      opus-ruby
      rest-client (>= 2.0.0)
      websocket-client-simple (>= 0.3.0)
    discordrb-webhooks (3.5.0)
      rest-client (>= 2.0.0)
    domain_name (0.6.20240107)
    dotenv (3.1.4)
    event_emitter (0.2.6)
    ffi (1.17.0-arm64-darwin)
    ffi (1.17.0-x86_64-linux-gnu)
    http-accept (1.7.0)
    http-cookie (1.0.7)
      domain_name (~> 0.5)
    io-console (0.7.2)
    irb (1.14.1)
      rdoc (>= 4.0.0)
      reline (>= 0.4.2)
    logger (1.6.1)
    mime-types (3.6.0)
      logger
      mime-types-data (~> 3.2015)
    mime-types-data (3.2024.1001)
    netrc (0.11.0)
    opus-ruby (1.0.1)
      ffi
    psych (5.1.2)
      stringio
    rack (3.1.8)
    rackup (2.2.0)
      rack (>= 3)
    rdoc (6.7.0)
      psych (>= 4.0.0)
    reline (0.5.10)
      io-console (~> 0.5)
    rest-client (2.1.0)
      http-accept (>= 1.7.0, < 2.0)
      http-cookie (>= 1.0.2, < 2.0)
      mime-types (>= 1.16, < 4.0)
      netrc (~> 0.8)
    sqlite3 (2.2.0-arm64-darwin)
    sqlite3 (2.2.0-x86_64-linux-gnu)
    stringio (3.1.1)
    websocket (1.2.11)
    websocket-client-simple (0.8.0)
      event_emitter
      websocket

PLATFORMS
  arm64-darwin-21
  x86_64-linux

DEPENDENCIES
  debug
  discordrb
  dotenv
  rackup
  sqlite3

RUBY VERSION
   ruby 3.3.5p100

BUNDLED WITH
   2.5.16
